GEM
  remote: https://rubygems.org/
  specs:
    icalendar (2.10.1)
      ice_cube (~> 0.16)
    ice_cube (0.16.4)
    mustermann (3.0.0)
      ruby2_keywords (~> 0.0.1)
    rack (2.2.8)
    rack-protection (3.1.0)
      rack (~> 2.2, >= 2.2.4)
    ruby2_keywords (0.0.5)
    sinatra (3.1.0)
      mustermann (~> 3.0)
      rack (~> 2.2, >= 2.2.4)
      rack-protection (= 3.1.0)
      tilt (~> 2.0)
    tilt (2.2.0)

PLATFORMS
  ruby

DEPENDENCIES
  icalendar
  sinatra

RUBY VERSION
   ruby 2.5.0p0

BUNDLED WITH
   1.16.1
