GEM
  remote: https://rubygems.org/
  specs:
    icalendar (2.5.0)
      ice_cube (~> 0.16)
    ice_cube (0.16.3)
    mustermann (1.0.2)
    rack (2.0.5)
    rack-protection (2.0.3)
      rack
    sinatra (2.0.3)
      mustermann (~> 1.0)
      rack (~> 2.0)
      rack-protection (= 2.0.3)
      tilt (~> 2.0)
    tilt (2.0.8)

PLATFORMS
  ruby

DEPENDENCIES
  icalendar
  sinatra

BUNDLED WITH
   1.16.0
